GEM
  remote: https://rubygems.org/
  specs:
    concurrent-ruby (1.1.5)
    faker (2.2.2)
      i18n (~> 1.6.0)
    i18n (1.6.0)
      concurrent-ruby (~> 1.0)
    json (2.3.0)

PLATFORMS
  ruby

DEPENDENCIES
  faker
  json

BUNDLED WITH
   1.17.2
